PATH
  remote: .
  specs:
    pr_changelog (0.4.0)

GEM
  remote: https://rubygems.org/
  specs:
    coderay (1.1.3)
    method_source (1.0.0)
    minitest (5.15.0)
    pry (0.14.1)
      coderay (~> 1.1)
      method_source (~> 1.0)
    rake (13.0.6)

PLATFORMS
  ruby

DEPENDENCIES
  bundler (~> 2.3.9)
  minitest (~> 5.15.0)
  pr_changelog!
  pry (~> 0.14.1)
  rake (~> 13.0.6)

BUNDLED WITH
   2.3.9
